GEM
  remote: http://rubygems.org/
  specs:
    Platform (0.4.0)
    archive-tar-minitar (0.5.2)
    builder (3.0.0)
    bunny (0.7.9)
    chef (0.10.10)
      bunny (>= 0.6.0)
      erubis
      highline (>= 1.6.9)
      json (>= 1.4.4, <= 1.6.1)
      mixlib-authentication (>= 1.1.0)
      mixlib-cli (>= 1.1.0)
      mixlib-config (>= 1.1.2)
      mixlib-log (>= 1.3.0)
      mixlib-shellout (~> 1.0.0.rc)
      moneta
      net-ssh (~> 2.2.2)
      net-ssh-multi (~> 1.1.0)
      ohai (>= 0.6.0)
      rest-client (>= 1.0.4, < 1.7.0)
      treetop (~> 1.4.9)
      uuidtools
      yajl-ruby (>= 1.1.0)
    chef-server-api (0.10.10)
      dep_selector (>= 0.0.3)
      merb-assets (~> 1.1.0)
      merb-core (~> 1.1.0)
      merb-helpers (~> 1.1.0)
      merb-param-protection (~> 1.1.0)
      mixlib-authentication (>= 1.1.3)
      thin
      uuidtools (~> 2.1.1)
    chef-server-webui (0.10.10)
      coderay
      haml
      merb-assets (~> 1.1.0)
      merb-core (~> 1.1.0)
      merb-haml (~> 1.1.0)
      merb-helpers (~> 1.1.0)
      merb-param-protection (~> 1.1.0)
      ruby-openid
      thin
    chef-solr (0.10.10)
      chef (= 0.10.10)
    childprocess (0.3.2)
      ffi (~> 1.0.6)
    coderay (1.0.6)
    cucumber (1.2.1)
      builder (>= 2.1.2)
      diff-lcs (>= 1.1.3)
      gherkin (~> 2.11.0)
      json (>= 1.4.6)
    daemons (1.1.8)
    dep_selector (0.0.8)
    diff-lcs (1.1.3)
    erubis (2.7.0)
    eventmachine (0.12.10)
    excon (0.13.4)
    extlib (0.9.15)
    ffi (1.0.11)
    fog (1.3.1)
      builder
      excon (~> 0.13.0)
      formatador (~> 0.2.0)
      mime-types
      multi_json (~> 1.0)
      net-scp (~> 1.0.4)
      net-ssh (>= 2.1.3)
      nokogiri (~> 1.5.0)
      ruby-hmac
    foreman (0.47.0)
      thor (>= 0.13.6)
    formatador (0.2.3)
    gherkin (2.11.0)
      json (>= 1.4.6)
    git (1.2.5)
    gorillib (0.1.9)
      json
    grit (2.5.0)
      diff-lcs (~> 1.1)
      mime-types (~> 1.15)
      posix-spawn (~> 0.3.6)
    guard (1.1.1)
      listen (>= 0.4.2)
      thor (>= 0.14.6)
    guard-chef (0.0.2)
      guard (>= 0.2.2)
    guard-cucumber (1.1.0)
      cucumber (>= 1.2.0)
      guard (>= 1.1.0)
    guard-process (1.0.3)
      ffi (~> 1.0.9)
      guard (>= 0.4.2)
      spoon (~> 0.0.1)
    haml (3.1.6)
    highline (1.6.13)
    i18n (0.6.0)
    ipaddress (0.8.0)
    ironfan (3.1.6)
      chef (~> 0.10.4)
      fog (~> 1.2)
      formatador (~> 0.2)
      gorillib (~> 0.1)
    jeweler (1.8.3)
      bundler (~> 1.0)
      git (>= 1.2.5)
      rake
      rdoc
    json (1.5.4)
    listen (0.4.5)
      rb-fchange (~> 0.0.5)
      rb-fsevent (~> 0.9.1)
      rb-inotify (~> 0.8.8)
    log4r (1.1.10)
    merb-assets (1.1.3)
      merb-core (~> 1.1.3)
    merb-core (1.1.3)
      bundler
      erubis (>= 2.6.2)
      extlib (>= 0.9.13)
      mime-types (>= 1.16)
      rack
      rake
    merb-haml (1.1.3)
      haml (>= 2.0.3)
      merb-core (~> 1.1.3)
    merb-helpers (1.1.3)
      merb-core (~> 1.1.3)
    merb-param-protection (1.1.3)
      merb-core (~> 1.1.3)
    method_source (0.7.1)
    mime-types (1.18)
    mixlib-authentication (1.1.4)
      mixlib-log
    mixlib-cli (1.2.2)
    mixlib-config (1.1.2)
    mixlib-log (1.4.1)
    mixlib-shellout (1.0.0)
    moneta (0.6.0)
    multi_json (1.3.6)
    net-scp (1.0.4)
      net-ssh (>= 1.99.1)
    net-ssh (2.2.2)
    net-ssh-gateway (1.1.0)
      net-ssh (>= 1.99.1)
    net-ssh-multi (1.1)
      net-ssh (>= 2.1.4)
      net-ssh-gateway (>= 0.99.0)
    nokogiri (1.5.4)
    ohai (6.14.0)
      ipaddress
      mixlib-cli
      mixlib-config
      mixlib-log
      systemu
      yajl-ruby
    open4 (1.3.0)
    polyglot (0.3.3)
    popen4 (0.1.2)
      Platform (>= 0.4.0)
      open4 (>= 0.4.0)
    posix-spawn (0.3.6)
    progressbar (0.11.0)
    pry (0.9.9.6)
      coderay (~> 1.0.5)
      method_source (~> 0.7.1)
      slop (>= 2.4.4, < 3)
    rack (1.4.1)
    rake (0.9.2.2)
    rb-fchange (0.0.5)
      ffi
    rb-fsevent (0.9.1)
    rb-inotify (0.8.8)
      ffi (>= 0.5.0)
    rdoc (3.12)
      json (~> 1.4)
    rest-client (1.6.7)
      mime-types (>= 1.16)
    rspec (2.10.0)
      rspec-core (~> 2.10.0)
      rspec-expectations (~> 2.10.0)
      rspec-mocks (~> 2.10.0)
    rspec-core (2.10.1)
    rspec-expectations (2.10.0)
      diff-lcs (~> 1.1.3)
    rspec-mocks (2.10.1)
    ruby-hmac (0.4.0)
    ruby-openid (2.1.8)
    ruby_gntp (0.3.4)
    slop (2.4.4)
    spoon (0.0.1)
    systemu (2.5.1)
    thin (1.3.1)
      daemons (>= 1.0.9)
      eventmachine (>= 0.12.6)
      rack (>= 1.0.0)
    thor (0.14.6)
    treetop (1.4.10)
      polyglot
      polyglot (>= 0.3.1)
    uuidtools (2.1.2)
    vagrant (1.0.3)
      archive-tar-minitar (= 0.5.2)
      childprocess (~> 0.3.1)
      erubis (~> 2.7.0)
      i18n (~> 0.6.0)
      json (~> 1.5.1)
      log4r (~> 1.1.9)
      net-scp (~> 1.0.4)
      net-ssh (~> 2.2.2)
    veewee (0.2.3)
      cucumber (>= 1.0.0)
      highline (~> 1.6.1)
      net-ssh (>= 2.1.0)
      popen4 (~> 0.1.2)
      progressbar
      rspec (~> 2.5)
      thor (~> 0.14.6)
      vagrant (>= 0.9.0)
      virtualbox (>= 0.9.2)
    virtualbox (0.9.2)
      ffi (~> 1.0.9)
    yajl-ruby (1.1.0)
    yard (0.8.2.1)

PLATFORMS
  ruby

DEPENDENCIES
  bundler (~> 1)
  chef (= 0.10.10)
  chef-server-api (= 0.10.10)
  chef-server-webui (= 0.10.10)
  chef-solr (= 0.10.10)
  cucumber
  fog (~> 1.3)
  foreman
  grit
  guard
  guard-chef
  guard-cucumber
  guard-process
  ironfan (~> 3.1.5)
  jeweler
  pry
  rake
  rspec (~> 2.5)
  ruby_gntp
  vagrant (~> 1.0)
  veewee (~> 0.2)
  yard (~> 0.6)
