GEM
  remote: http://rubygems.org/
  specs:
    Platform (0.4.0)
    archive-tar-minitar (0.5.2)
    builder (3.0.0)
    bunny (0.7.9)
    chef (0.10.9)
      bunny (>= 0.6.0)
      erubis
      highline
      json (>= 1.4.4, <= 1.6.1)
      mixlib-authentication (>= 1.1.0)
      mixlib-cli (>= 1.1.0)
      mixlib-config (>= 1.1.2)
      mixlib-log (>= 1.3.0)
      mixlib-shellout (~> 1.0.0.rc)
      moneta
      net-ssh (~> 2.2.2)
      net-ssh-multi (~> 1.1.0)
      ohai (>= 0.6.0)
      rest-client (>= 1.0.4, < 1.7.0)
      treetop (~> 1.4.9)
      uuidtools
    childprocess (0.3.1)
      ffi (~> 1.0.6)
    cluster_chef (3.0.12)
      chef (~> 0.10.4)
      cluster_chef-knife (= 3.0.12)
      fog (~> 1.1.1)
      formatador (~> 0.2.1)
      gorillib (~> 0.1.7)
    cluster_chef-knife (3.0.12)
      chef (~> 0.10.4)
      fog (~> 1.1.1)
      formatador (~> 0.2.1)
      gorillib (~> 0.1.7)
    coderay (1.0.5)
    cucumber (1.1.4)
      builder (>= 2.1.2)
      diff-lcs (>= 1.1.2)
      gherkin (~> 2.7.1)
      json (>= 1.4.6)
      term-ansicolor (>= 1.0.6)
    diff-lcs (1.1.3)
    erubis (2.7.0)
    excon (0.9.5)
    ffi (1.0.11)
    fog (1.1.2)
      builder
      excon (~> 0.9.0)
      formatador (~> 0.2.0)
      mime-types
      multi_json (~> 1.0.3)
      net-scp (~> 1.0.4)
      net-ssh (>= 2.1.3)
      nokogiri (~> 1.5.0)
      ruby-hmac
    formatador (0.2.1)
    gherkin (2.7.7)
      json (>= 1.4.6)
    gorillib (0.1.8)
      json
    grit (2.4.1)
      diff-lcs (~> 1.1)
      mime-types (~> 1.15)
    highline (1.6.11)
    i18n (0.6.0)
    json (1.5.4)
    log4r (1.1.10)
    method_source (0.7.0)
    mime-types (1.17.2)
    mixlib-authentication (1.1.4)
      mixlib-log
    mixlib-cli (1.2.2)
    mixlib-config (1.1.2)
    mixlib-log (1.3.0)
    mixlib-shellout (1.0.0.rc.1)
    moneta (0.6.0)
    multi_json (1.0.4)
    net-scp (1.0.4)
      net-ssh (>= 1.99.1)
    net-ssh (2.2.2)
    net-ssh-gateway (1.1.0)
      net-ssh (>= 1.99.1)
    net-ssh-multi (1.1)
      net-ssh (>= 2.1.4)
      net-ssh-gateway (>= 0.99.0)
    nokogiri (1.5.0)
    ohai (0.6.10)
      mixlib-cli
      mixlib-config
      mixlib-log
      systemu (~> 2.2.0)
      yajl-ruby
    open4 (1.3.0)
    polyglot (0.3.3)
    popen4 (0.1.2)
      Platform (>= 0.4.0)
      open4 (>= 0.4.0)
    progressbar (0.10.0)
    pry (0.9.8.2)
      coderay (~> 1.0.5)
      method_source (~> 0.7)
      slop (>= 2.4.4, < 3)
    rake (0.9.2.2)
    rest-client (1.6.7)
      mime-types (>= 1.16)
    rspec (2.8.0)
      rspec-core (~> 2.8.0)
      rspec-expectations (~> 2.8.0)
      rspec-mocks (~> 2.8.0)
    rspec-core (2.8.0)
    rspec-expectations (2.8.0)
      diff-lcs (~> 1.1.2)
    rspec-mocks (2.8.0)
    ruby-hmac (0.4.0)
    slop (2.4.4)
    systemu (2.2.0)
    term-ansicolor (1.0.7)
    thor (0.14.6)
    treetop (1.4.10)
      polyglot
      polyglot (>= 0.3.1)
    uuidtools (2.1.2)
    vagrant (0.9.7)
      archive-tar-minitar (= 0.5.2)
      childprocess (~> 0.3.1)
      erubis (~> 2.7.0)
      i18n (~> 0.6.0)
      json (~> 1.5.1)
      log4r (~> 1.1.9)
      net-scp (~> 1.0.4)
      net-ssh (~> 2.2.2)
    veewee (0.2.3)
      cucumber (>= 1.0.0)
      highline (~> 1.6.1)
      net-ssh (>= 2.1.0)
      popen4 (~> 0.1.2)
      progressbar
      rspec (~> 2.5)
      thor (~> 0.14.6)
      vagrant (>= 0.9.0)
      virtualbox (>= 0.9.2)
    virtualbox (0.9.2)
      ffi (~> 1.0.9)
    yajl-ruby (1.1.0)
    yard (0.7.5)

PLATFORMS
  ruby

DEPENDENCIES
  bundler (~> 1)
  chef (= 0.10.9)
  cluster_chef (~> 3.0.12)
  grit
  pry
  rake
  rspec (~> 2.5)
  vagrant (~> 0.9.7)
  veewee (~> 0.2.3)
  yard (~> 0.6)
